GEM
  remote: https://rubygems.org/
  specs:
    ruby-mysql (2.11.1)

PLATFORMS
  ruby

DEPENDENCIES
  ruby-mysql (~> 2.10, >= 2.10.0)

BUNDLED WITH
   2.1.4
